PATH
  remote: .
  specs:
    mundi_api (3.0.0)
      certifi (~> 2016)
      faraday (~> 0.10)
      faraday-http-cache (~> 1.2, >= 1.2.2)
      faraday_middleware (~> 0.13.1)
      logging (~> 2.0)
      test-unit (~> 3.1, >= 3.1.5)

GEM
  remote: https://rubygems.org/
  specs:
    certifi (2016.09.26)
    faraday (0.17.3)
      multipart-post (>= 1.2, < 3)
    faraday-http-cache (1.3.1)
      faraday (~> 0.8)
    faraday_middleware (0.13.1)
      faraday (>= 0.7.4, < 1.0)
    little-plugger (1.1.4)
    logging (2.3.0)
      little-plugger (~> 1.1)
      multi_json (~> 1.14)
    multi_json (1.15.0)
    multipart-post (2.1.1)
    power_assert (1.2.0)
    rake (13.0.6)
    test-unit (3.3.6)
      power_assert

PLATFORMS
  x86_64-linux

DEPENDENCIES
  mundi_api!
  rake

BUNDLED WITH
   2.3.15
